GIT
  remote: git://github.com/affinipay/chargeio-gem.git
  revision: 29dcd390cbef64938142c503fe2c87e6364330ac
  branch: master
  specs:
    chargeio (0.0.1)
      activesupport
      httparty

GEM
  remote: http://rubygems.org/
  specs:
    activesupport (4.2.8)
      i18n (~> 0.7)
      minitest (~> 5.1)
      thread_safe (~> 0.3, >= 0.3.4)
      tzinfo (~> 1.1)
    addressable (2.2.6)
    coderay (0.9.8)
    faraday (0.7.5)
      addressable (~> 2.2.6)
      multipart-post (~> 1.1.3)
      rack (>= 1.1.0, < 2)
    httparty (0.14.0)
      multi_xml (>= 0.5.2)
    i18n (0.8.1)
    json (2.0.3)
    method_source (0.6.7)
      ruby_parser (>= 2.3.1)
    minitest (5.10.1)
    money (5.0.0)
      i18n (~> 0.4)
      json
    multi_json (1.0.4)
    multi_xml (0.6.0)
    multipart-post (1.1.4)
    oauth2 (0.5.1)
      faraday (~> 0.7.4)
      multi_json (~> 1.0.3)
    pry (0.9.7.4)
      coderay (~> 0.9.8)
      method_source (~> 0.6.7)
      ruby_parser (>= 2.3.1)
      slop (~> 2.1.0)
    rack (1.4.5)
    rack-protection (1.1.4)
      rack
    redcarpet (2.0.0b5)
    ruby_parser (2.3.1)
      sexp_processor (~> 3.0)
    sexp_processor (3.0.8)
    sinatra (1.3.1)
      rack (~> 1.3, >= 1.3.4)
      rack-protection (~> 1.1, >= 1.1.2)
      tilt (~> 1.3, >= 1.3.3)
    slop (2.1.0)
    thread_safe (0.3.6)
    tilt (1.3.3)
    tzinfo (1.2.2)
      thread_safe (~> 0.1)

PLATFORMS
  ruby

DEPENDENCIES
  chargeio!
  money
  oauth2
  pry
  redcarpet
  sinatra

BUNDLED WITH
   1.14.5
